GEM
  remote: https://rubygems.org/
  specs:
    columnize (0.3.6)
    httparty (0.10.0)
      multi_json (~> 1.0)
      multi_xml
    linecache (0.46)
      rbx-require-relative (> 0.0.4)
    multi_json (1.14.0)
    multi_xml (0.6.0)
    rbx-require-relative (0.0.9)
    ruby-debug (0.10.4)
      columnize (>= 0.1)
      ruby-debug-base (~> 0.10.4.0)
    ruby-debug-base (0.10.4)
      linecache (>= 0.3)

PLATFORMS
  ruby

DEPENDENCIES
  httparty
  ruby-debug
